GIT
  remote: git://github.com/jonesdeini/nyancat-test.git
  revision: 3ce9144cd127e03e92178b6d0c2905985e2638ce
  specs:
    nyancat-test (0.0.1)

GEM
  remote: https://rubygems.org/
  specs:
    actionmailer (3.2.13)
      actionpack (= 3.2.13)
      mail (~> 2.5.3)
    actionpack (3.2.13)
      activemodel (= 3.2.13)
      activesupport (= 3.2.13)
      builder (~> 3.0.0)
      erubis (~> 2.7.0)
      journey (~> 1.0.4)
      rack (~> 1.4.5)
      rack-cache (~> 1.2)
      rack-test (~> 0.6.1)
      sprockets (~> 2.2.1)
    activemodel (3.2.13)
      activesupport (= 3.2.13)
      builder (~> 3.0.0)
    activerecord (3.2.13)
      activemodel (= 3.2.13)
      activesupport (= 3.2.13)
      arel (~> 3.0.2)
      tzinfo (~> 0.3.29)
    activeresource (3.2.13)
      activemodel (= 3.2.13)
      activesupport (= 3.2.13)
    activesupport (3.2.13)
      i18n (= 0.6.1)
      multi_json (~> 1.0)
    ansi (1.4.3)
    arel (3.0.2)
    builder (3.0.4)
    capistrano (2.14.2)
      highline
      net-scp (>= 1.0.0)
      net-sftp (>= 2.0.0)
      net-ssh (>= 2.0.14)
      net-ssh-gateway (>= 1.1.0)
    capybara (2.0.3)
      mime-types (>= 1.16)
      nokogiri (>= 1.3.3)
      rack (>= 1.0.0)
      rack-test (>= 0.5.4)
      selenium-webdriver (~> 2.0)
      xpath (~> 1.0.0)
    childprocess (0.3.9)
      ffi (~> 1.0, >= 1.0.11)
    coffee-rails (3.2.2)
      coffee-script (>= 2.2.0)
      railties (~> 3.2.0)
    coffee-script (2.2.0)
      coffee-script-source
      execjs
    coffee-script-source (1.6.2)
    columnize (0.3.6)
    daemons (1.1.9)
    debugger (1.5.0)
      columnize (>= 0.3.1)
      debugger-linecache (~> 1.2.0)
      debugger-ruby_core_source (~> 1.2.0)
    debugger-linecache (1.2.0)
    debugger-ruby_core_source (1.2.0)
    delayed_job (3.0.5)
      activesupport (~> 3.0)
    delayed_job_active_record (0.4.3)
      activerecord (>= 2.1.0, < 4)
      delayed_job (~> 3.0)
    erubis (2.7.0)
    eventmachine (1.0.3)
    execjs (1.4.0)
      multi_json (~> 1.0)
    ffi (1.6.0)
    haml (4.0.1)
      tilt
    haml-rails (0.4)
      actionpack (>= 3.1, < 4.1)
      activesupport (>= 3.1, < 4.1)
      haml (>= 3.1, < 4.1)
      railties (>= 3.1, < 4.1)
    hashie (1.2.0)
    highline (1.6.16)
    hike (1.2.1)
    i18n (0.6.1)
    journey (1.0.4)
    jquery-rails (2.1.4)
      railties (>= 3.0, < 5.0)
      thor (>= 0.14, < 2.0)
    json (1.7.7)
    libv8 (3.11.8.17)
    mail (2.5.3)
      i18n (>= 0.4.0)
      mime-types (~> 1.16)
      treetop (~> 1.4.8)
    mime-types (1.22)
    minitest (4.7.0)
    minitest-capybara (0.1.0)
      capybara (>= 1.0)
      minitest-matchers (>= 1.2)
    minitest-matchers (1.2.0)
      minitest (>= 2.5.0)
    minitest-rails (0.9.1)
      minitest (~> 4.7)
      rails (>= 3.0)
    minitest-rails-capybara (0.1)
      minitest-capybara (~> 0.1)
      minitest-rails (~> 0.1)
    multi_json (1.7.2)
    net-scp (1.1.0)
      net-ssh (>= 2.6.5)
    net-sftp (2.1.1)
      net-ssh (>= 2.6.5)
    net-ssh (2.6.6)
    net-ssh-gateway (1.2.0)
      net-ssh (>= 2.6.5)
    nokogiri (1.5.9)
    omniauth (1.1.3)
      hashie (~> 1.2)
      rack
    omniauth-openid (1.0.1)
      omniauth (~> 1.0)
      rack-openid (~> 1.3.1)
    pg (0.15.0)
    polyglot (0.3.3)
    rack (1.4.5)
    rack-cache (1.2)
      rack (>= 0.4)
    rack-openid (1.3.1)
      rack (>= 1.1.0)
      ruby-openid (>= 2.1.8)
    rack-ssl (1.3.3)
      rack
    rack-test (0.6.2)
      rack (>= 1.0)
    rails (3.2.13)
      actionmailer (= 3.2.13)
      actionpack (= 3.2.13)
      activerecord (= 3.2.13)
      activeresource (= 3.2.13)
      activesupport (= 3.2.13)
      bundler (~> 1.0)
      railties (= 3.2.13)
    railties (3.2.13)
      actionpack (= 3.2.13)
      activesupport (= 3.2.13)
      rack-ssl (~> 1.3.2)
      rake (>= 0.8.7)
      rdoc (~> 3.4)
      thor (>= 0.14.6, < 2.0)
    rake (10.0.4)
    rb-inotify (0.9.0)
      ffi (>= 0.5.0)
    rdoc (3.12.2)
      json (~> 1.4)
    ref (1.0.4)
    ruby-openid (2.2.3)
    rubyzip (0.9.9)
    rvm-capistrano (1.2.7)
      capistrano (>= 2.0.0)
    sass (3.2.7)
    sass-rails (3.2.6)
      railties (~> 3.2.0)
      sass (>= 3.1.10)
      tilt (~> 1.3)
    selenium-webdriver (2.31.0)
      childprocess (>= 0.2.5)
      multi_json (~> 1.0)
      rubyzip
      websocket (~> 1.0.4)
    sprockets (2.2.2)
      hike (~> 1.2)
      multi_json (~> 1.0)
      rack (~> 1.0)
      tilt (~> 1.1, != 1.3.0)
    therubyracer (0.11.4)
      libv8 (~> 3.11.8.12)
      ref
    thin (1.5.1)
      daemons (>= 1.0.9)
      eventmachine (>= 0.12.6)
      rack (>= 1.0.0)
    thor (0.18.1)
    tilt (1.3.6)
    treetop (1.4.12)
      polyglot
      polyglot (>= 0.3.1)
    turn (0.9.6)
      ansi
    typhoeus (0.4.2)
      ffi (~> 1.0)
      mime-types (~> 1.18)
    tzinfo (0.3.37)
    uglifier (1.3.0)
      execjs (>= 0.3.0)
      multi_json (~> 1.0, >= 1.0.2)
    websocket (1.0.7)
    wirble (0.1.3)
    xpath (1.0.0)
      nokogiri (~> 1.3)

PLATFORMS
  ruby

DEPENDENCIES
  capistrano
  coffee-rails (~> 3.2.1)
  daemons
  debugger
  delayed_job_active_record
  haml-rails
  jquery-rails (~> 2.1.4)
  json (~> 1.7.7)
  minitest-rails (~> 0.9.1)
  minitest-rails-capybara (~> 0.1.0)
  nyancat-test!
  omniauth-openid
  pg
  rails (~> 3.2.13)
  rb-inotify (~> 0.9.0)
  rvm-capistrano
  sass-rails (~> 3.2.3)
  therubyracer
  thin
  turn
  typhoeus
  uglifier (>= 1.0.3)
  wirble
